GEM
  remote: https://rubygems.org/
  specs:
    rake (10.5.0)
    rake-compiler (0.9.5)
      rake
    rice (2.1.0)
    rx_ruby (0.0.2)

PLATFORMS
  ruby

DEPENDENCIES
  rake-compiler
  rice
  rx_ruby

BUNDLED WITH
   1.11.2
